GEM
  remote: https://rubygems.org/
  specs:
    byebug (10.0.2)

PLATFORMS
  ruby

DEPENDENCIES
  byebug (~> 10.0, >= 10.0.2)

BUNDLED WITH
   1.16.6
